GEM
  specs:

PLATFORMS
  x86-mingw32

DEPENDENCIES

BUNDLED WITH
   2.6.7
